GEM
  remote: https://rubygems.org/
  specs:
    coderay (1.1.1)
    color (1.8)
    method_source (0.8.2)
    minitest (5.10.1)
    pry (0.10.4)
      coderay (~> 1.1.0)
      method_source (~> 0.8.1)
      slop (~> 3.4)
    rack (1.6.9)
    rack-protection (1.5.5)
      rack
    rack-test (0.6.3)
      rack (>= 1.0)
    sinatra (1.4.6)
      rack (~> 1.4)
      rack-protection (~> 1.4)
      tilt (>= 1.3, < 3)
    slop (3.6.0)
    tilt (2.0.1)

PLATFORMS
  ruby

DEPENDENCIES
  color
  minitest
  pry
  rack-test
  sinatra

RUBY VERSION
   ruby 2.4.0p0

BUNDLED WITH
   1.16.0
